GEM
  remote: http://rubygems.org/
  specs:
    gosu (1.4.1)

PLATFORMS
  arm64-darwin-21

DEPENDENCIES
  gosu (= 1.4.1)

BUNDLED WITH
   2.2.22
